GEM
  remote: https://rubygems.org/
  specs:
    addressable (2.8.0)
      public_suffix (>= 2.0.2, < 5.0)
    dotenv (2.7.5)
    faraday (0.15.4)
      multipart-post (>= 1.2, < 3)
    license-generator (1.0.0)
      nice-sigint
      thor
    licensee (9.11.0)
      dotenv (~> 2.0)
      octokit (~> 4.8.0)
      rugged (~> 0.24)
      thor (~> 0.19)
    multipart-post (2.1.1)
    nice-sigint (0.1.0)
    octokit (4.8.0)
      sawyer (~> 0.8.0, >= 0.5.3)
    public_suffix (4.0.6)
    rugged (0.28.2)
    sawyer (0.8.2)
      addressable (>= 2.3.5)
      faraday (> 0.8, < 2.0)
    thor (0.20.3)

PLATFORMS
  ruby

DEPENDENCIES
  license-generator (~> 1.0)
  licensee (~> 9.11.0)

BUNDLED WITH
   1.17.3
