GEM
  remote: https://rubygems.org/
  specs:
    addressable (2.5.2)
      public_suffix (>= 2.0.2, < 4.0)
    faraday (0.13.1)
      multipart-post (>= 1.2, < 3)
    license-generator (1.0.0)
      nice-sigint
      thor
    licensee (9.7.0)
      octokit (~> 4.8.0)
      rugged (~> 0.24)
    multipart-post (2.0.0)
    nice-sigint (0.1.0)
    octokit (4.8.0)
      sawyer (~> 0.8.0, >= 0.5.3)
    public_suffix (3.0.1)
    rugged (0.26.0)
    sawyer (0.8.1)
      addressable (>= 2.3.5, < 2.6)
      faraday (~> 0.8, < 1.0)
    thor (0.20.0)

PLATFORMS
  ruby

DEPENDENCIES
  license-generator (~> 1.0)
  licensee (~> 9.7)

BUNDLED WITH
   1.16.1
